GEM
  remote: https://rubygems.org/
  specs:
    OptionParser (0.5.1)
    activemodel (6.1.7.2)
      activesupport (= 6.1.7.2)
    activerecord (6.1.7.2)
      activemodel (= 6.1.7.2)
      activesupport (= 6.1.7.2)
    activesupport (6.1.7.2)
      concurrent-ruby (~> 1.0, >= 1.0.2)
      i18n (>= 1.6, < 2)
      minitest (>= 5.1)
      tzinfo (~> 2.0)
      zeitwerk (~> 2.3)
    bcrypt (3.1.18)
    concurrent-ruby (1.2.0)
    diff-lcs (1.5.0)
    i18n (1.12.0)
      concurrent-ruby (~> 1.0)
    mini_portile2 (2.8.1)
    minitest (5.17.0)
    multi_json (1.15.0)
    mustermann (2.0.2)
      ruby2_keywords (~> 0.0.1)
    nio4r (2.5.8)
    open3 (0.1.2)
    puma (6.1.0)
      nio4r (~> 2.0)
    rack (2.2.6.2)
    rack-console (1.3.1)
      rack (>= 1.1)
      rack-test
    rack-protection (2.2.4)
      rack
    rack-test (0.6.3)
      rack (>= 1.0)
    rake (13.0.6)
    require_all (3.0.0)
    rspec (3.12.0)
      rspec-core (~> 3.12.0)
      rspec-expectations (~> 3.12.0)
      rspec-mocks (~> 3.12.0)
    rspec-core (3.12.1)
      rspec-support (~> 3.12.0)
    rspec-expectations (3.12.2)
      diff-lcs (>= 1.2.0, < 2.0)
      rspec-support (~> 3.12.0)
    rspec-mocks (3.12.3)
      diff-lcs (>= 1.2.0, < 2.0)
      rspec-support (~> 3.12.0)
    rspec-support (3.12.0)
    ruby2_keywords (0.0.5)
    sinatra (2.2.4)
      mustermann (~> 2.0)
      rack (~> 2.2)
      rack-protection (= 2.2.4)
      tilt (~> 2.0)
    sinatra-activerecord (2.0.26)
      activerecord (>= 4.1)
      sinatra (>= 1.0)
    sinatra-flash (0.3.0)
      sinatra (>= 1.0.0)
    sqlite3 (1.6.0)
      mini_portile2 (~> 2.8.0)
    streamio-ffmpeg (3.0.2)
      multi_json (~> 1.8)
    tilt (2.0.11)
    tzinfo (2.0.6)
      concurrent-ruby (~> 1.0)
    usagewatch (0.0.7)
    usagewatch_ext (0.2.1)
      usagewatch (~> 0.0.6)
    zeitwerk (2.6.7)

PLATFORMS
  ruby

DEPENDENCIES
  OptionParser (~> 0.5.1)
  activerecord (~> 6.1, >= 6.1.3.2)
  activesupport (~> 6.1, >= 6.1.3.2)
  bcrypt (~> 3.1, >= 3.1.16)
  open3
  puma (~> 6.1)
  rack-console (~> 1.3)
  rack-test (~> 0.6.3)
  rake (~> 13.0, >= 13.0.3)
  require_all (~> 3.0)
  rspec (~> 3.11)
  sinatra (~> 2.1)
  sinatra-activerecord (~> 2.0, >= 2.0.23)
  sinatra-flash (~> 0.3.0)
  sqlite3 (~> 1.3, >= 1.3.11)
  streamio-ffmpeg (~> 3.0, >= 3.0.2)
  usagewatch_ext (~> 0.2.1)

BUNDLED WITH
   2.2.33
